GEM
  remote: https://rubygems.org/
  specs:
    bootsnap (1.14.0)
      msgpack (~> 1.2)
    msgpack (1.6.0)
    nio4r (2.5.8)
    puma (6.0.0)
      nio4r (~> 2.0)

PLATFORMS
  ruby

DEPENDENCIES
  bootsnap (~> 1.13)
  puma

BUNDLED WITH
   2.3.26
